

GROUP clog_dependencies
STORAGE: NONE
RESTRICTION: || (== net8.0)
NUGET
  remote: https://api.nuget.org/v3/index.json
  Newtonsoft.Json (13.0.3)
  Microsoft.CodeAnalysis.CSharp (4.10.0)
  Basic.Reference.Assemblies (1.7.2)
  Microsoft.CodeAnalysis (4.10.0)
  Microsoft.CodeAnalysis.Common (4.10.0)  
  System.CodeDom (8.0.0)
  CommandLineParser (2.9.1)
    